GIT
  remote: git://github.com/datamapper/dm-core.git
  revision: 9c2b9c1227d7e4ed64056d6baf38bd15af92a578
  specs:
    dm-core (1.1.0)
      addressable (~> 2.2.4)

GIT
  remote: git://github.com/datamapper/dm-do-adapter.git
  revision: 3a285521efa295044c85827442f755d718b23335
  specs:
    dm-do-adapter (1.1.0)
      data_objects (~> 0.10.2)
      dm-core (~> 1.1.0)

GIT
  remote: git://github.com/datamapper/dm-migrations.git
  revision: 359411d27b15a30062b5473bc60b73ab9bdca695
  specs:
    dm-migrations (1.1.0)
      dm-core (~> 1.1.0)

GIT
  remote: git://github.com/nex3/haml.git
  revision: 87c0810609d3aa5b4200a7074831146d1345f4d1
  specs:
    haml (3.1.0.alpha.0)

GIT
  remote: git://github.com/sinatra/sinatra.git
  revision: 026648d788a9b477d5ffa94a2854b92cc995ac9e
  specs:
    sinatra (1.3.0)
      rack (~> 1.2)
      tilt (>= 1.2.2, < 2.0)

GEM
  remote: http://rubygems.org/
  specs:
    addressable (2.2.4)
    data_objects (0.10.3)
      addressable (~> 2.1)
    dm-mysql-adapter (1.1.0)
      dm-do-adapter (~> 1.1.0)
      do_mysql (~> 0.10.2)
    do_mysql (0.10.3)
      data_objects (= 0.10.3)
    do_mysql (0.10.3-x86-mingw32)
      data_objects (= 0.10.3)
    mechanize (1.0.0)
      nokogiri (>= 1.2.1)
    nokogiri (1.4.4)
    nokogiri (1.4.4-x86-mingw32)
    rack (1.2.2)
    rake (0.8.7)
    tilt (1.2.2)

PLATFORMS
  ruby
  x86-mingw32

DEPENDENCIES
  dm-core!
  dm-do-adapter!
  dm-migrations!
  dm-mysql-adapter
  haml!
  mechanize
  rake
  sinatra!
